BrainVision Data Exchange Header File Version 1.0
; Data created by the BrainVision Recorder

[Common Infos]
Codepage=UTF-8
DataFile=sln2_sess3-raw.eeg
MarkerFile=sln2_sess3-raw.vmrk
DataFormat=BINARY
; Data orientation: MULTIPLEXED=ch1,pt1, ch2,pt1 ...
DataOrientation=MULTIPLEXED
NumberOfChannels=63
; Sampling interval in microseconds
SamplingInterval=1000

[Binary Infos]
BinaryFormat=IEEE_FLOAT_32

[Channel Infos]
; Each entry: Ch<Channel number>=<Name>,<Reference channel name>,
; <Resolution in "Unit">,<Unit>, Future extensions..
; Fields are delimited by commas, some fields might be omitted (empty).
; Commas in channel names are coded as "\1".
Ch1=Fp1,,0.0488281,µV
Ch2=Fz,,0.0488281,µV
Ch3=F3,,0.0488281,µV
Ch4=F7,,0.0488281,µV
Ch5=FT9,,0.0488281,µV
Ch6=FC5,,0.0488281,µV
Ch7=FC1,,0.0488281,µV
Ch8=C3,,0.0488281,µV
Ch9=T7,,0.0488281,µV
Ch10=TP9,,0.0488281,µV
Ch11=CP5,,0.0488281,µV
Ch12=CP1,,0.0488281,µV
Ch13=Pz,,0.0488281,µV
Ch14=P3,,0.0488281,µV
Ch15=P7,,0.0488281,µV
Ch16=O1,,0.0488281,µV
Ch17=Oz,,0.0488281,µV
Ch18=O2,,0.0488281,µV
Ch19=P4,,0.0488281,µV
Ch20=P8,,0.0488281,µV
Ch21=TP10,,0.0488281,µV
Ch22=CP6,,0.0488281,µV
Ch23=CP2,,0.0488281,µV
Ch24=Cz,,0.0488281,µV
Ch25=C4,,0.0488281,µV
Ch26=T8,,0.0488281,µV
Ch27=FT10,,0.0488281,µV
Ch28=FC6,,0.0488281,µV
Ch29=FC2,,0.0488281,µV
Ch30=F4,,0.0488281,µV
Ch31=F8,,0.0488281,µV
Ch32=Fp2,,0.0488281,µV
Ch33=AF7,,0.0488281,µV
Ch34=AF3,,0.0488281,µV
Ch35=AFz,,0.0488281,µV
Ch36=F1,,0.0488281,µV
Ch37=F5,,0.0488281,µV
Ch38=FT7,,0.0488281,µV
Ch39=FC3,,0.0488281,µV
Ch40=C1,,0.0488281,µV
Ch41=C5,,0.0488281,µV
Ch42=TP7,,0.0488281,µV
Ch43=CP3,,0.0488281,µV
Ch44=P1,,0.0488281,µV
Ch45=P5,,0.0488281,µV
Ch46=PO7,,0.0488281,µV
Ch47=PO3,,0.0488281,µV
Ch48=POz,,0.0488281,µV
Ch49=PO4,,0.0488281,µV
Ch50=PO8,,0.0488281,µV
Ch51=P6,,0.0488281,µV
Ch52=P2,,0.0488281,µV
Ch53=CPz,,0.0488281,µV
Ch54=CP4,,0.0488281,µV
Ch55=TP8,,0.0488281,µV
Ch56=C6,,0.0488281,µV
Ch57=C2,,0.0488281,µV
Ch58=FC4,,0.0488281,µV
Ch59=FT8,,0.0488281,µV
Ch60=F6,,0.0488281,µV
Ch61=AF8,,0.0488281,µV
Ch62=AF4,,0.0488281,µV
Ch63=F2,,0.0488281,µV

[Coordinates]
; Electrode Position File: D:\CACS-64\GACS-64_REF.bvef
Ch1=1,-90,-72
Ch2=1,45,90
Ch3=1,-60,-51
Ch4=1,-90,-36
Ch5=1,-113,-18
Ch6=1,-69,-22
Ch7=1,-31,-46
Ch8=1,-45,0
Ch9=1,-90,0
Ch10=1,-113,18
Ch11=1,-69,21
Ch12=1,-31,46
Ch13=1,45,-90
Ch14=1,-60,51
Ch15=1,-90,36
Ch16=1,-90,72
Ch17=1,90,-90
Ch18=1,90,-72
Ch19=1,60,-51
Ch20=1,90,-36
Ch21=1,113,-18
Ch22=1,69,-21
Ch23=1,31,-46
Ch24=1,0,0
Ch25=1,45,0
Ch26=1,90,0
Ch27=1,113,18
Ch28=1,69,21
Ch29=1,31,46
Ch30=1,60,51
Ch31=1,90,36
Ch32=1,90,72
Ch33=1,-90,-54
Ch34=1,-74,-68
Ch35=1,67,90
Ch36=1,-49,-68
Ch37=1,-74,-41
Ch38=1,-90,-18
Ch39=1,-49,-29
Ch40=1,-23,0
Ch41=1,-68,0
Ch42=1,-90,18
Ch43=1,-49,29
Ch44=1,-49,68
Ch45=1,-74,41
Ch46=1,-90,54
Ch47=1,-74,68
Ch48=1,67,-90
Ch49=1,74,-68
Ch50=1,90,-54
Ch51=1,74,-41
Ch52=1,49,-68
Ch53=1,22,-90
Ch54=1,49,-29
Ch55=1,90,-18
Ch56=1,68,0
Ch57=1,23,0
Ch58=1,49,29
Ch59=1,90,18
Ch60=1,74,41
Ch61=1,90,54
Ch62=1,74,68
Ch63=1,49,68

[Comment]

BrainVision Recorder Professional   -   V. 1.26.0101


A m p l i f i e r  S e t u p
============================
Number of channels: 63
Sampling Rate [Hz]: 1000
Sampling Interval [µS]: 1000

Channels
--------
#     Name      Phys. Chn.    Resolution / Unit   Low Cutoff [s]   High Cutoff [Hz]   Notch [Hz]    Gradient         Offset
1     Fp1         1          0.0488281 µV             DC              280              Off
2     Fz          2          0.0488281 µV             DC              280              Off
3     F3          3          0.0488281 µV             DC              280              Off
4     F7          4          0.0488281 µV             DC              280              Off
5     FT9         5          0.0488281 µV             DC              280              Off
6     FC5         6          0.0488281 µV             DC              280              Off
7     FC1         7          0.0488281 µV             DC              280              Off
8     C3          8          0.0488281 µV             DC              280              Off
9     T7          9          0.0488281 µV             DC              280              Off
10    TP9         10         0.0488281 µV             DC              280              Off
11    CP5         11         0.0488281 µV             DC              280              Off
12    CP1         12         0.0488281 µV             DC              280              Off
13    Pz          13         0.0488281 µV             DC              280              Off
14    P3          14         0.0488281 µV             DC              280              Off
15    P7          15         0.0488281 µV             DC              280              Off
16    O1          16         0.0488281 µV             DC              280              Off
17    Oz          17         0.0488281 µV             DC              280              Off
18    O2          18         0.0488281 µV             DC              280              Off
19    P4          19         0.0488281 µV             DC              280              Off
20    P8          20         0.0488281 µV             DC              280              Off
21    TP10        21         0.0488281 µV             DC              280              Off
22    CP6         22         0.0488281 µV             DC              280              Off
23    CP2         23         0.0488281 µV             DC              280              Off
24    Cz          24         0.0488281 µV             DC              280              Off
25    C4          25         0.0488281 µV             DC              280              Off
26    T8          26         0.0488281 µV             DC              280              Off
27    FT10        27         0.0488281 µV             DC              280              Off
28    FC6         28         0.0488281 µV             DC              280              Off
29    FC2         29         0.0488281 µV             DC              280              Off
30    F4          30         0.0488281 µV             DC              280              Off
31    F8          31         0.0488281 µV             DC              280              Off
32    Fp2         32         0.0488281 µV             DC              280              Off
33    AF7         33         0.0488281 µV             DC              280              Off
34    AF3         34         0.0488281 µV             DC              280              Off
35    AFz         35         0.0488281 µV             DC              280              Off
36    F1          36         0.0488281 µV             DC              280              Off
37    F5          37         0.0488281 µV             DC              280              Off
38    FT7         38         0.0488281 µV             DC              280              Off
39    FC3         39         0.0488281 µV             DC              280              Off
40    C1          40         0.0488281 µV             DC              280              Off
41    C5          41         0.0488281 µV             DC              280              Off
42    TP7         42         0.0488281 µV             DC              280              Off
43    CP3         43         0.0488281 µV             DC              280              Off
44    P1          44         0.0488281 µV             DC              280              Off
45    P5          45         0.0488281 µV             DC              280              Off
46    PO7         46         0.0488281 µV             DC              280              Off
47    PO3         47         0.0488281 µV             DC              280              Off
48    POz         48         0.0488281 µV             DC              280              Off
49    PO4         49         0.0488281 µV             DC              280              Off
50    PO8         50         0.0488281 µV             DC              280              Off
51    P6          51         0.0488281 µV             DC              280              Off
52    P2          52         0.0488281 µV             DC              280              Off
53    CPz         53         0.0488281 µV             DC              280              Off
54    CP4         54         0.0488281 µV             DC              280              Off
55    TP8         55         0.0488281 µV             DC              280              Off
56    C6          56         0.0488281 µV             DC              280              Off
57    C2          57         0.0488281 µV             DC              280              Off
58    FC4         58         0.0488281 µV             DC              280              Off
59    FT8         59         0.0488281 µV             DC              280              Off
60    F6          60         0.0488281 µV             DC              280              Off
61    AF8         61         0.0488281 µV             DC              280              Off
62    AF4         62         0.0488281 µV             DC              280              Off
63    F2          63         0.0488281 µV             DC              280              Off

Reference Channel Name = FCz
Reference Phys. Chn.   = 64
Use active/dry Electrodes = Yes 
Good Level [kOhms]     = 25
Bad Level [kOhms]      = 60
MY-Button Workspace    = C:\Vision\Workfiles\MYButton

Amplifier 
actiCHamp Base Unit (5002) 
  --- S/N 24060374 --- 
actiCHamp 32 CH Module
  --- Module 1 (5011): S/N 24060698 ---
  --- Module 2 (5011): S/N 24060699 ---
Version: DLL_27.18.06.25, DRV_03.04.01.146, CTRL_105.19.05.29, FPGA_67.00.00.00, DSP_105.19.02.27 


S o f t w a r e  F i l t e r s
==============================
Disabled


Data/Gnd Electrodes Selected Impedance Measurement Range: 25 - 60 kOhm
Impedance [kOhm] at 20:14:35 :
Fp1:         11
Fz:           5
F3:           7
F7:          15
FT9:          8
FC5:          3
FC1:          2
C3:           2
T7:           6
TP9:         18
CP5:         16
CP1:         14
Pz:           3
P3:          15
P7:           3
O1:           2
Oz:          12
O2:          12
P4:          15
P8:           5
TP10:        13
CP6:          5
CP2:         12
Cz:           5
C4:          16
T8:          18
FT10:        15
FC6:         12
FC2:          5
F4:           2
F8:           6
Fp2:         13
AF7:         10
AF3:          6
AFz:          3
F1:           4
F5:          10
FT7:          5
FC3:          2
C1:           3
C5:          15
TP7:          3
CP3:         17
P1:           7
P5:          18
PO7:          3
PO3:         15
POz:         10
PO4:          4
PO8:          5
P6:           5
P2:          15
CPz:          9
CP4:         15
TP8:         14
C6:           6
C2:           4
FC4:          5
FT8:          0
F6:           4
AF8:         20
AF4:         10
F2:           3
FCz:          3
Gnd:          5
